PATH
  remote: .
  specs:
    subcheat (0.3.0)

GEM
  remote: http://rubygems.org/
  specs:
    builder (3.0.0)
    cucumber (1.1.0)
      builder (>= 2.1.2)
      diff-lcs (>= 1.1.2)
      gherkin (~> 2.5.0)
      json (>= 1.4.6)
      term-ansicolor (>= 1.0.6)
    diff-lcs (1.1.3)
    gherkin (2.5.1)
      json (>= 1.4.6)
    json (1.6.1)
    metaclass (0.0.1)
    mocha (0.10.0)
      metaclass (~> 0.0.1)
    rake (0.9.2)
    rcov (0.9.10)
    rdoc (3.9.4)
    term-ansicolor (1.0.6)
    thoughtbot-shoulda (2.11.1)

PLATFORMS
  ruby

DEPENDENCIES
  cucumber
  mocha (>= 0.9.8)
  rake
  rcov
  rdoc (~> 3.9)
  subcheat!
  thoughtbot-shoulda
